GEM
  remote: http://rubygems.org/
  specs:
    activesupport (2.3.8)
    addressable (2.2.2)
    builder (2.1.2)
    crack (0.1.8)
    diff-lcs (1.1.2)
    factory_girl (1.3.2)
    faker (0.3.1)
    fuubar (0.0.3)
      rspec (~> 2.0)
      rspec-instafail (~> 0.1.4)
      ruby-progressbar (~> 0.0.9)
    rspec (2.3.0)
      rspec-core (~> 2.3.0)
      rspec-expectations (~> 2.3.0)
      rspec-mocks (~> 2.3.0)
    rspec-core (2.3.0)
    rspec-expectations (2.3.0)
      diff-lcs (~> 1.1.2)
    rspec-instafail (0.1.5)
    rspec-mocks (2.3.0)
    ruby-progressbar (0.0.9)
    vcr (1.4.0)
    webmock (1.6.1)
      addressable (>= 2.2.2)
      crack (>= 0.1.7)

PLATFORMS
  ruby

DEPENDENCIES
  activesupport (~> 2.3.0)
  builder (>= 2.1.2)
  factory_girl (= 1.3.2)
  faker (= 0.3.1)
  fuubar (= 0.0.3)
  rspec (= 2.3.0)
  vcr (= 1.4.0)
  webmock (= 1.6.1)
