GEM
  remote: http://rubygems.org/
  specs:
    activesupport (2.3.8)
    addressable (2.2.0)
    crack (0.1.8)
    diff-lcs (1.1.2)
    rspec (2.0.0.beta.19)
      rspec-core (= 2.0.0.beta.19)
      rspec-expectations (= 2.0.0.beta.19)
      rspec-mocks (= 2.0.0.beta.19)
    rspec-core (2.0.0.beta.19)
    rspec-expectations (2.0.0.beta.19)
      diff-lcs (>= 1.1.2)
    rspec-mocks (2.0.0.beta.19)
    vcr (1.0.3)
    webmock (1.3.4)
      addressable (>= 2.1.1)
      crack (>= 0.1.7)

PLATFORMS
  ruby

DEPENDENCIES
  activesupport (>= 2.3)
  rspec (= 2.0.0.beta.19)
  vcr (= 1.0.3)
  webmock (= 1.3.4)
