PATH
  remote: .
  specs:
    vaulted_billing (0.0.15)
      activesupport (>= 2.3)
      builder (>= 2.1.2)

GEM
  remote: http://rubygems.org/
  specs:
    activesupport (3.0.3)
    addressable (2.2.2)
    builder (3.0.0)
    crack (0.1.8)
    diff-lcs (1.1.2)
    factory_girl (1.3.3)
    faker (0.9.4)
      i18n (~> 0.4)
    fuubar (0.0.3)
      rspec (~> 2.0)
      rspec-instafail (~> 0.1.4)
      ruby-progressbar (~> 0.0.9)
    i18n (0.5.0)
    rspec (2.4.0)
      rspec-core (~> 2.4.0)
      rspec-expectations (~> 2.4.0)
      rspec-mocks (~> 2.4.0)
    rspec-core (2.4.0)
    rspec-expectations (2.4.0)
      diff-lcs (~> 1.1.2)
    rspec-instafail (0.1.5)
    rspec-mocks (2.4.0)
    ruby-progressbar (0.0.9)
    vcr (1.5.0)
    webmock (1.6.2)
      addressable (>= 2.2.2)
      crack (>= 0.1.7)

PLATFORMS
  ruby

DEPENDENCIES
  activesupport (>= 2.3)
  builder (>= 2.1.2)
  factory_girl (~> 1.3.0)
  faker (~> 0.9.0)
  fuubar (~> 0.0.0)
  rspec (~> 2.4.0)
  vaulted_billing!
  vcr (~> 1.5.0)
  webmock (~> 1.6.0)
